GIT
  remote: git://github.com/BDQ/resource_controller.git
  revision: 5537625a5215d7cf5528aecbb724d718df30e2ca
  specs:
    resource_controller (0.6.6)

GIT
  remote: git://github.com/odorcicd/authlogic.git
  revision: a087ad0cba3c165ba22fcf176c28b6f7517931e8
  branch: rails3
  specs:
    authlogic (2.1.3)
      activesupport

GEM
  remote: http://rubygems.org/
  specs:
    GeoRuby (1.3.4)
    POpen4 (0.1.4)
      Platform (>= 0.4.0)
      open4
    Platform (0.4.0)
    abstract (1.0.0)
    actionmailer (3.0.9)
      actionpack (= 3.0.9)
      mail (~> 2.2.19)
    actionpack (3.0.9)
      activemodel (= 3.0.9)
      activesupport (= 3.0.9)
      builder (~> 2.1.2)
      erubis (~> 2.6.6)
      i18n (~> 0.5.0)
      rack (~> 1.2.1)
      rack-mount (~> 0.6.14)
      rack-test (~> 0.5.7)
      tzinfo (~> 0.3.23)
    activemodel (3.0.9)
      activesupport (= 3.0.9)
      builder (~> 2.1.2)
      i18n (~> 0.5.0)
    activerecord (3.0.9)
      activemodel (= 3.0.9)
      activesupport (= 3.0.9)
      arel (~> 2.0.10)
      tzinfo (~> 0.3.23)
    activerecord-postgis-adapter (0.3.5)
      pg (>= 0.10.0)
      rgeo-activerecord (~> 0.3.3)
    activeresource (3.0.9)
      activemodel (= 3.0.9)
      activesupport (= 3.0.9)
    activesupport (3.0.9)
    acts_as_commentable (3.0.1)
    aegis (2.5.3)
    archive-tar-minitar (0.5.2)
    arel (2.0.10)
    autotest-standalone (4.5.5)
    builder (2.1.2)
    capistrano (2.6.0)
      highline
      net-scp (>= 1.0.0)
      net-sftp (>= 2.0.0)
      net-ssh (>= 2.0.14)
      net-ssh-gateway (>= 1.1.0)
    capistrano-ext (1.2.1)
      capistrano (>= 1.0.0)
    capybara (0.4.1.2)
      celerity (>= 0.7.9)
      culerity (>= 0.2.4)
      mime-types (>= 1.16)
      nokogiri (>= 1.3.3)
      rack (>= 1.0.0)
      rack-test (>= 0.5.4)
      selenium-webdriver (>= 0.0.27)
      xpath (~> 0.1.3)
    capybara-webkit (0.5.0)
      capybara (~> 0.4.1)
    celerity (0.8.9)
    childprocess (0.1.9)
      ffi (~> 1.0.6)
    cocaine (0.1.0)
    columnize (0.3.3)
    configuration (1.3.1)
    culerity (0.2.15)
    database_cleaner (0.6.7)
    dbf (1.5.3)
      activesupport (~> 3.0.0)
      fastercsv (= 1.5.4)
      i18n (~> 0.5.0)
    diff-lcs (1.1.2)
    enumerated_attribute (0.2.16)
      meta_programming (>= 0.2.1)
    erubis (2.6.6)
      abstract (>= 1.0.0)
    factory_girl (1.3.3)
    faker (0.9.5)
      i18n (~> 0.4)
    fastercsv (1.5.4)
    ffi (1.0.9)
    foreigner (1.0.3)
      activerecord (>= 3.0.0)
    formtastic (1.2.4)
      actionpack (>= 2.3.7)
      activesupport (>= 2.3.7)
      i18n (~> 0.4)
    haml (3.1.2)
    highline (1.6.2)
    hirb (0.4.5)
    hoptoad_notifier (2.4.11)
      activesupport
      builder
    i18n (0.5.0)
    jammit (0.6.3)
      yui-compressor (>= 0.9.3)
    json_pure (1.5.3)
    launchy (0.4.0)
      configuration (>= 0.0.5)
      rake (>= 0.8.1)
    less (1.2.21)
      mutter (>= 0.4.2)
      treetop (>= 1.4.2)
    linecache19 (0.5.12)
      ruby_core_source (>= 0.1.4)
    mail (2.2.19)
      activesupport (>= 2.3.6)
      i18n (>= 0.4.0)
      mime-types (~> 1.16)
      treetop (~> 1.4.8)
    meta_programming (0.2.2)
    mime-types (1.16)
    minitar (0.5.3)
    mutter (0.5.3)
    nested_form (0.1.1)
    net-scp (1.0.4)
      net-ssh (>= 1.99.1)
    net-sftp (2.0.5)
      net-ssh (>= 2.0.9)
    net-ssh (2.1.4)
    net-ssh-gateway (1.1.0)
      net-ssh (>= 1.99.1)
    nokogiri (1.5.0)
    open4 (1.1.0)
    paperclip (2.3.12)
      activerecord (>= 2.3.0)
      activesupport (>= 2.3.2)
      cocaine (>= 0.0.2)
    pg (0.11.0)
    polyglot (0.3.1)
    rack (1.2.3)
    rack-debug (2.0.0)
      rack (>= 1.0)
      ruby-debug19 (~> 0.11.6)
    rack-less (2.0.2)
      less (~> 1.2)
      rack (~> 1.0)
    rack-mount (0.6.14)
      rack (>= 1.0.0)
    rack-test (0.5.7)
      rack (>= 1.0)
    rails (3.0.9)
      actionmailer (= 3.0.9)
      actionpack (= 3.0.9)
      activerecord (= 3.0.9)
      activeresource (= 3.0.9)
      activesupport (= 3.0.9)
      bundler (~> 1.0)
      railties (= 3.0.9)
    railties (3.0.9)
      actionpack (= 3.0.9)
      activesupport (= 3.0.9)
      rake (>= 0.8.7)
      rdoc (~> 3.4)
      thor (~> 0.14.4)
    rake (0.9.2)
    rcov (0.9.9)
    rdoc (3.8)
    rgeo (0.3.1)
    rgeo-activerecord (0.3.4)
      activerecord (>= 3.0.3)
      arel (>= 2.0.6)
      rgeo (>= 0.3.0)
    rgeo-geojson (0.2.1)
      rgeo (>= 0.2.8)
    rgeo-shapefile (0.2.2)
      rgeo (>= 0.2.8)
    rmagick (2.13.1)
    rspec (2.6.0)
      rspec-core (~> 2.6.0)
      rspec-expectations (~> 2.6.0)
      rspec-mocks (~> 2.6.0)
    rspec-core (2.6.4)
    rspec-expectations (2.6.0)
      diff-lcs (~> 1.1.2)
    rspec-mocks (2.6.0)
    rspec-rails (2.6.1)
      actionpack (~> 3.0)
      activesupport (~> 3.0)
      railties (~> 3.0)
      rspec (~> 2.6.0)
    ruby-debug-base19 (0.11.25)
      columnize (>= 0.3.1)
      linecache19 (>= 0.5.11)
      ruby_core_source (>= 0.1.4)
    ruby-debug19 (0.11.6)
      columnize (>= 0.3.1)
      linecache19 (>= 0.5.11)
      ruby-debug-base19 (>= 0.11.19)
    ruby_core_source (0.1.5)
      archive-tar-minitar (>= 0.5.2)
    rubyzip (0.9.4)
    selenium-webdriver (0.2.2)
      childprocess (>= 0.1.9)
      ffi (>= 1.0.7)
      json_pure
      rubyzip
    spatial_adapter (1.2.0)
      GeoRuby (>= 1.3.0)
      activerecord (>= 2.2.2)
    spork (0.9.0.rc9)
    steak (1.1.0)
      rspec (>= 1.3)
    thor (0.14.6)
    treetop (1.4.9)
      polyglot (>= 0.3.1)
    tzinfo (0.3.29)
    uuidtools (2.1.2)
    will_paginate (3.0.pre2)
    wirble (0.1.3)
    xpath (0.1.4)
      nokogiri (~> 1.3)
    yui-compressor (0.9.6)
      POpen4 (>= 0.1.4)

PLATFORMS
  ruby

DEPENDENCIES
  activerecord-postgis-adapter
  acts_as_commentable
  aegis
  authlogic!
  autotest-standalone
  capistrano
  capistrano-ext
  capybara
  capybara-webkit
  columnize
  database_cleaner
  dbf
  diff-lcs
  enumerated_attribute
  factory_girl
  faker
  foreigner
  formtastic
  haml
  hirb
  hoptoad_notifier
  jammit
  launchy
  minitar
  nested_form
  nokogiri
  paperclip
  pg
  rack
  rack-debug
  rack-less
  rails
  rake
  rcov
  resource_controller!
  rgeo
  rgeo-activerecord
  rgeo-geojson
  rgeo-shapefile
  rmagick
  rspec-rails
  ruby-debug19
  spatial_adapter
  spork (~> 0.9.0rc7)
  steak
  uuidtools
  will_paginate (~> 3.0.pre2)
  wirble
